GEM
  remote: https://rubygems.org/
  specs:
    byebug (11.1.3)
    coderay (1.1.3)
    debug (0.2.1)
    ffi (1.15.5-java)
    httparty (0.20.0)
      mime-types (~> 3.0)
      multi_xml (>= 0.5.2)
    method_source (1.0.0)
    mime-types (3.4.1)
      mime-types-data (~> 3.2015)
    mime-types-data (3.2022.0105)
    multi_xml (0.6.0)
    pry (0.14.2)
      coderay (~> 1.1)
      method_source (~> 1.0)
    pry (0.14.2-java)
      coderay (~> 1.1)
      method_source (~> 1.0)
      spoon (~> 0.0)
    pry-byebug (3.10.1)
      byebug (~> 11.0)
      pry (>= 0.13, < 0.15)
    sequel (5.53.0)
    spoon (0.0.6)
      ffi

PLATFORMS
  arm64-darwin-21
  arm64-darwin-22
  universal-java-20

DEPENDENCIES
  debug
  httparty
  pry-byebug
  sequel

BUNDLED WITH
   2.2.22
